PATH
  remote: /home/arne/github/asset_packer
  specs:
    asset_packer (0.3.1)
      hexp (~> 0.4.6)
      mime-types (~> 2.2)

PATH
  remote: /home/arne/github/hexp
  specs:
    hexp (0.4.6)
      concord (~> 0.0)
      equalizer (~> 0.0)
      nokogiri (~> 1.6)

PATH
  remote: /home/arne/github/slippery
  specs:
    slippery (0.4.1)
      asset_packer (~> 0.3.0)
      concord (~> 0.1.4)
      hexp (~> 0.4.6)
      hexp-kramdown (> 0)
      kramdown (~> 1.1)
      listen (~> 3.0)
      rake (~> 10.1)

GEM
  remote: https://rubygems.org/
  specs:
    adamantium (0.2.0)
      ice_nine (~> 0.11.0)
      memoizable (~> 0.4.0)
    concord (0.1.5)
      adamantium (~> 0.2.0)
      equalizer (~> 0.0.9)
    equalizer (0.0.11)
    ffi (1.9.25)
    hexp-kramdown (0.9.2)
      hexp (>= 0.3)
      kramdown (>= 1.4)
    ice_nine (0.11.2)
    kramdown (1.17.0)
    listen (3.1.5)
      rb-fsevent (~> 0.9, >= 0.9.4)
      rb-inotify (~> 0.9, >= 0.9.7)
      ruby_dep (~> 1.2)
    memoizable (0.4.2)
      thread_safe (~> 0.3, >= 0.3.1)
    mime-types (2.99.3)
    mini_portile2 (2.3.0)
    nokogiri (1.8.5)
      mini_portile2 (~> 2.3.0)
    rake (10.5.0)
    rb-fsevent (0.10.3)
    rb-inotify (0.9.10)
      ffi (>= 0.5.0, < 2)
    ruby_dep (1.5.0)
    thread_safe (0.3.6)

PLATFORMS
  ruby

DEPENDENCIES
  asset_packer!
  hexp!
  slippery!

BUNDLED WITH
   1.16.6
